GEM
  remote: https://rubygems.org/
  specs:
    minitest (5.14.4)
    rufo (0.13.0)

PLATFORMS
  x86_64-darwin-20

DEPENDENCIES
  minitest
  rufo

BUNDLED WITH
   2.2.29
